GEM
  remote: https://rubygems.org/
  specs:
    ruby-opencv (0.0.17)

PLATFORMS
  ruby

DEPENDENCIES
  ruby-opencv

BUNDLED WITH
   1.13.6
